GEM
  remote: http://rubygems.org/
  specs:
    addressable (2.2.6)
    envjs (0.3.7)
      johnson (>= 2.0.0.pre3)
    faraday (0.6.1)
      addressable (~> 2.2.4)
      multipart-post (~> 1.1.0)
      rack (< 2, >= 1.1.0)
    faraday_middleware (0.6.3)
      faraday (~> 0.6.0)
    harmony (0.5.6)
      envjs (= 0.3.7)
      johnson (= 2.0.0.pre3)
    hashie (1.0.0)
    hpricot (0.8.4)
    johnson (2.0.0.pre3)
      stackdeck (~> 0.2)
    multi_json (1.0.2)
    multi_xml (0.2.2)
    multipart-post (1.1.1)
    nokogiri (1.4.4)
    rack (1.2.2)
    rash (0.3.0)
      hashie (~> 1.0.0)
    readability (0.1.5)
      harmony (~> 0.5)
      nokogiri (~> 1.4)
    ruby-readability (0.2.3)
      nokogiri (>= 1.4.2)
    simple_oauth (0.1.5)
    sinatra (1.2.6)
      rack (~> 1.1)
      tilt (< 2.0, >= 1.2.2)
    sinatra-content-for (0.2)
      sinatra
    sinatra-content-for2 (0.2.4)
      sinatra
    stackdeck (0.2.0)
    tilt (1.3)
    twitter (1.4.1)
      faraday (~> 0.6.1)
      faraday_middleware (~> 0.6.3)
      hashie (~> 1.0.0)
      multi_json (~> 1.0.0)
      multi_xml (~> 0.2.0)
      rash (~> 0.3.0)
      simple_oauth (~> 0.1.4)

PLATFORMS
  ruby

DEPENDENCIES
  hpricot
  readability
  ruby-readability
  sinatra
  sinatra-content-for
  sinatra-content-for2
  twitter
