GEM
  remote: http://rubygems.org/
  specs:
    activesupport (3.0.7)
    addressable (2.2.6)
    dalli (1.0.4)
    diff-lcs (1.1.2)
    envjs (0.3.7)
      johnson (>= 2.0.0.pre3)
    faraday (0.6.1)
      addressable (~> 2.2.4)
      multipart-post (~> 1.1.0)
      rack (< 2, >= 1.1.0)
    faraday_middleware (0.6.3)
      faraday (~> 0.6.0)
    harmony (0.5.6)
      envjs (= 0.3.7)
      johnson (= 2.0.0.pre3)
    hashie (1.0.0)
    hpricot (0.8.4)
    johnson (2.0.0.pre3)
      stackdeck (~> 0.2)
    multi_json (1.0.2)
    multi_xml (0.2.2)
    multipart-post (1.1.1)
    nokogiri (1.4.4)
    rack (1.2.2)
    rash (0.3.0)
      hashie (~> 1.0.0)
    readability (0.1.5)
      harmony (~> 0.5)
      nokogiri (~> 1.4)
    rspec (2.6.0)
      rspec-core (~> 2.6.0)
      rspec-expectations (~> 2.6.0)
      rspec-mocks (~> 2.6.0)
    rspec-core (2.6.4)
    rspec-expectations (2.6.0)
      diff-lcs (~> 1.1.2)
    rspec-mocks (2.6.0)
    ruby-readability (0.2.3)
      nokogiri (>= 1.4.2)
    simple_oauth (0.1.5)
    simplecov (0.4.2)
      simplecov-html (~> 0.4.4)
    simplecov-html (0.4.5)
    sinatra (1.2.6)
      rack (~> 1.1)
      tilt (< 2.0, >= 1.2.2)
    sinatra-content-for (0.2)
      sinatra
    stackdeck (0.2.0)
    tilt (1.3)
    twitter (1.4.1)
      faraday (~> 0.6.1)
      faraday_middleware (~> 0.6.3)
      hashie (~> 1.0.0)
      multi_json (~> 1.0.0)
      multi_xml (~> 0.2.0)
      rash (~> 0.3.0)
      simple_oauth (~> 0.1.4)
    twitter-text (1.4.9)
      activesupport

PLATFORMS
  ruby

DEPENDENCIES
  dalli
  hpricot
  nokogiri
  readability
  rspec
  ruby-readability
  simplecov
  sinatra
  sinatra-content-for
  twitter
  twitter-text
